GEM
  remote: https://rubygems.org/
  specs:
    diff-lcs (1.3)
    geocoder (1.6.2)
    immutable-struct (2.4.1)
    methadone (2.0.2)
      bundler
    mustache (1.1.1)
    rake (13.0.1)
    rexml (3.2.6)
    rspec (3.9.0)
      rspec-core (~> 3.9.0)
      rspec-expectations (~> 3.9.0)
      rspec-mocks (~> 3.9.0)
    rspec-core (3.9.1)
      rspec-support (~> 3.9.1)
    rspec-expectations (3.9.1)
      diff-lcs (>= 1.2.0, < 2.0)
      rspec-support (~> 3.9.0)
    rspec-mocks (3.9.1)
      diff-lcs (>= 1.2.0, < 2.0)
      rspec-support (~> 3.9.0)
    rspec-support (3.9.2)
    rss (0.3.0)
      rexml
    webrick (1.8.1)

PLATFORMS
  ruby

DEPENDENCIES
  geocoder
  immutable-struct
  methadone
  mustache
  rake
  rspec
  rss
  webrick

BUNDLED WITH
   2.1.4
