GEM
  remote: https://rubygems.org/
  specs:
    mustache (1.0.3)
    rake (12.0.0)

PLATFORMS
  ruby

DEPENDENCIES
  mustache
  rake

BUNDLED WITH
   1.13.6
